GEM
  remote: https://rubygems.org/
  specs:
    api_cache (0.3.0)
    awesome_print (1.7.0)
    byebug (9.1.0)
    coderay (1.1.2)
    diff-lcs (1.3)
    httparty (0.15.6)
      multi_xml (>= 0.5.2)
    humanize (1.7.0)
    method_source (0.9.0)
    multi_xml (0.6.0)
    pry (0.11.2)
      coderay (~> 1.1.0)
      method_source (~> 0.9.0)
    pry-byebug (3.5.0)
      byebug (~> 9.1)
      pry (~> 0.10)
    rspec (3.5.0)
      rspec-core (~> 3.5.0)
      rspec-expectations (~> 3.5.0)
      rspec-mocks (~> 3.5.0)
    rspec-core (3.5.4)
      rspec-support (~> 3.5.0)
    rspec-expectations (3.5.0)
      diff-lcs (>= 1.2.0, < 2.0)
      rspec-support (~> 3.5.0)
    rspec-mocks (3.5.0)
      diff-lcs (>= 1.2.0, < 2.0)
      rspec-support (~> 3.5.0)
    rspec-support (3.5.0)

PLATFORMS
  x86-mingw32

DEPENDENCIES
  api_cache (= 0.3.0)
  awesome_print (~> 1.7)
  httparty (= 0.15.6)
  humanize (= 1.7.0)
  pry-byebug
  rspec (~> 3.5)

BUNDLED WITH
   1.15.1
