GEM
  remote: https://rubygems.org/
  specs:
    byebug (9.0.6)
    httparty (0.15.6)
      multi_xml (>= 0.5.2)
    multi_xml (0.6.0)

PLATFORMS
  x86-mingw32

DEPENDENCIES
  byebug
  httparty (= 0.15.6)

BUNDLED WITH
   1.15.1
